GEM
  remote: http://rubygems.org/
  specs:
    coderay (1.0.5)
    imageruby (0.2.1)
    imageruby-bmp (0.1.0)
    method_source (0.7.0)
    pry (0.9.8.2)
      coderay (~> 1.0.5)
      method_source (~> 0.7)
      slop (>= 2.4.4, < 3)
    slop (2.4.4)

PLATFORMS
  ruby

DEPENDENCIES
  imageruby
  imageruby-bmp
  pry
